GIT
  remote: git://github.com/accesslint/access_lint.git
  revision: f799d3a29fc35cc5ffaf4bbd5d4e97175e1abb37
  specs:
    access_lint (0.1.3)
      awesome_print
      command_line_reporter
      thor

GEM
  remote: https://rubygems.org/
  specs:
    awesome_print (1.6.1)
    celluloid (0.16.0)
      timers (~> 4.0.0)
    colored (1.2)
    command_line_reporter (3.3.5)
      colored (>= 1.2)
    ffi (1.9.8)
    foreman (0.78.0)
      thor (~> 0.19.1)
    hitimes (1.2.2)
    json (1.8.2)
    listen (2.9.0)
      celluloid (>= 0.15.2)
      rb-fsevent (>= 0.9.3)
      rb-inotify (>= 0.9)
    puma (2.11.1)
      rack (>= 1.1, < 2.0)
    rack (1.6.0)
    rack-protection (1.5.3)
      rack
    rb-fsevent (0.9.4)
    rb-inotify (0.9.5)
      ffi (>= 0.5.0)
    rerun (0.10.0)
      listen (~> 2.7, >= 2.7.3)
    sinatra (1.4.6)
      rack (~> 1.4)
      rack-protection (~> 1.4)
      tilt (>= 1.3, < 3)
    thor (0.19.1)
    tilt (2.0.1)
    timers (4.0.1)
      hitimes

PLATFORMS
  ruby

DEPENDENCIES
  access_lint!
  foreman
  json
  puma
  rerun
  sinatra
